GEM
  remote: https://rubygems.org/
  specs:
    activesupport (3.2.18)
      i18n (~> 0.6, >= 0.6.4)
      multi_json (~> 1.0)
    addressable (2.3.6)
    akami (1.2.2)
      gyoku (>= 0.4.0)
      nokogiri
    app_conf (0.4.2)
    arr-pm (0.0.9)
      cabin (> 0)
    ast (2.0.0)
    backports (3.6.0)
    berkshelf (2.0.16)
      activesupport (~> 3.2.0)
      addressable (~> 2.3.4)
      buff-shell_out (~> 0.1)
      chozo (>= 0.6.1)
      faraday (~> 0.8.0)
      faraday (~> 0.8.5)
      hashie (>= 2.0.2)
      minitar (~> 0.5.4)
      rbzip2 (~> 0.2.0)
      retryable (~> 1.3.3)
      ridley (~> 1.7.0)
      solve (~> 0.8.2)
      thor (~> 0.18.0)
    buff-config (0.4.0)
      buff-extensions (~> 0.3)
      varia_model (~> 0.1)
    buff-extensions (0.5.0)
    buff-ignore (1.1.1)
    buff-ruby_engine (0.1.0)
    buff-shell_out (0.1.1)
      buff-ruby_engine (~> 0.1.0)
    builder (3.2.2)
    bunny (0.7.9)
    cabin (0.6.1)
    celluloid (0.15.2)
      timers (~> 1.1.0)
    celluloid-io (0.15.0)
      celluloid (>= 0.15.0)
      nio4r (>= 0.5.0)
    chef (10.32.2)
      bunny (>= 0.6.0, < 0.8.0)
      erubis
      highline (~> 1.6, >= 1.6.9)
      json (>= 1.4.4, <= 1.8.1)
      mime-types (~> 1.16)
      mixlib-authentication (~> 1.3)
      mixlib-cli (~> 1.1)
      mixlib-config (~> 1.1, >= 1.1.2)
      mixlib-log (~> 1.3)
      mixlib-shellout (~> 1.3)
      moneta (< 0.7.0)
      net-ssh (~> 2.6)
      net-ssh-multi (~> 1.1.0)
      ohai (>= 0.6.0, < 7.0.0)
      rest-client (>= 1.0.4, < 1.7.0)
      treetop (~> 1.4.9)
      uuidtools
      yajl-ruby (~> 1.1)
    childprocess (0.5.3)
      ffi (~> 1.0, >= 1.0.11)
    chozo (0.6.1)
      activesupport (>= 3.2.0)
      hashie (>= 2.0.2)
      multi_json (>= 1.3.0)
    clamp (0.6.3)
    em-winrm (0.5.5)
      eventmachine (~> 1.0.0)
      mixlib-log (>= 1.3.0)
      uuidtools (~> 2.1.1)
      winrm (~> 1.1.2)
    erubis (2.7.0)
    eventmachine (1.0.3)
    excon (0.31.0)
    faraday (0.8.9)
      multipart-post (~> 1.2.0)
    ffi (1.9.3)
    fog (1.20.0)
      builder
      excon (~> 0.31.0)
      formatador (~> 0.2.0)
      mime-types
      multi_json (~> 1.0)
      net-scp (~> 1.1)
      net-ssh (>= 2.1.3)
      nokogiri (>= 1.5.11)
    foodcritic (3.0.3)
      erubis
      gherkin (~> 2.11.7)
      nokogiri (~> 1.5.4)
      rake
      treetop (~> 1.4.10)
      yajl-ruby (~> 1.1.0)
    formatador (0.2.5)
    fpm (0.4.42)
      arr-pm (~> 0.0.8)
      backports (>= 2.6.2)
      cabin (>= 0.6.0)
      childprocess
      clamp (~> 0.6)
      ftw (~> 0.0.30)
      json (>= 1.7.7)
    ftw (0.0.39)
      addressable
      backports (>= 2.6.2)
      cabin (> 0)
      http_parser.rb (= 0.5.3)
    gherkin (2.11.8)
      multi_json (~> 1.3)
    git (1.2.6)
    gssapi (1.0.3)
      ffi (>= 1.0.1)
    gyoku (1.1.1)
      builder (>= 2.1.2)
    hashie (2.1.1)
    highline (1.6.21)
    http_parser.rb (0.5.3)
    httpclient (2.3.4.1)
    httpi (0.9.7)
      rack
    i18n (0.6.9)
    ipaddress (0.8.0)
    json (1.8.1)
    knife-cookbook-cleanup (0.1.1)
      chef (> 0.10.10)
    knife-ec2 (0.8.0)
      fog (~> 1.20.0)
      knife-windows (>= 0.5.12)
    knife-spork (1.2.2)
      app_conf (>= 0.4.0)
      chef (>= 0.10.4)
      git (>= 1.2.5)
    knife-windows (0.6.0)
      em-winrm (~> 0.5, >= 0.5.4)
    little-plugger (1.1.3)
    logging (1.8.2)
      little-plugger (>= 1.1.3)
      multi_json (>= 1.8.4)
    mime-types (1.25.1)
    minitar (0.5.4)
    mixlib-authentication (1.3.0)
      mixlib-log
    mixlib-cli (1.5.0)
    mixlib-config (1.1.2)
    mixlib-log (1.6.0)
    mixlib-shellout (1.4.0)
    moneta (0.6.0)
    multi_json (1.10.1)
    multipart-post (1.2.0)
    net-http-persistent (2.9.4)
    net-scp (1.2.1)
      net-ssh (>= 2.6.5)
    net-ssh (2.9.1)
    net-ssh-gateway (1.2.0)
      net-ssh (>= 2.6.5)
    net-ssh-multi (1.1)
      net-ssh (>= 2.1.4)
      net-ssh-gateway (>= 0.99.0)
    nio4r (1.0.0)
    nokogiri (1.5.11)
    nori (1.1.5)
    ohai (6.22.0)
      ipaddress
      mixlib-cli
      mixlib-config
      mixlib-log
      mixlib-shellout
      systemu (~> 2.5.2)
      yajl-ruby
    parser (2.1.9)
      ast (>= 1.1, < 3.0)
      slop (~> 3.4, >= 3.4.5)
    polyglot (0.3.4)
    powerpack (0.0.9)
    rack (1.5.2)
    rainbow (2.0.0)
    rake (10.3.2)
    rbzip2 (0.2.0)
    rest-client (1.6.7)
      mime-types (>= 1.16)
    retryable (1.3.5)
    ridley (1.7.1)
      addressable
      buff-config (~> 0.2)
      buff-extensions (~> 0.3)
      buff-ignore (~> 1.1)
      buff-shell_out (~> 0.1)
      celluloid (~> 0.15)
      celluloid-io (~> 0.15)
      erubis
      faraday (>= 0.8.4)
      hashie (>= 2.0.2)
      json (>= 1.7.7)
      mixlib-authentication (>= 1.3.0)
      net-http-persistent (>= 2.8)
      net-ssh
      retryable
      solve (>= 0.4.4)
      varia_model (~> 0.1)
      winrm (~> 1.1.0)
    rubocop (0.22.0)
      json (>= 1.7.7, < 2)
      parser (~> 2.1.9)
      powerpack (~> 0.0.6)
      rainbow (>= 1.99.1, < 3.0)
      ruby-progressbar (~> 1.4)
    ruby-progressbar (1.5.1)
    rubyntlm (0.1.1)
    savon (0.9.5)
      akami (~> 1.0)
      builder (>= 2.1.2)
      gyoku (>= 0.4.0)
      httpi (~> 0.9)
      nokogiri (>= 1.4.0)
      nori (~> 1.0)
      wasabi (~> 1.0)
    slop (3.5.0)
    solve (0.8.2)
    systemu (2.5.2)
    thor (0.18.1)
    timers (1.1.0)
    treetop (1.4.15)
      polyglot
      polyglot (>= 0.3.1)
    uuidtools (2.1.4)
    varia_model (0.3.2)
      buff-extensions (~> 0.2)
      hashie (>= 2.0.2)
    wasabi (1.0.0)
      nokogiri (>= 1.4.0)
    winrm (1.1.3)
      gssapi (~> 1.0.0)
      httpclient (~> 2.2, >= 2.2.0.2)
      logging (~> 1.6, >= 1.6.1)
      nokogiri (~> 1.5)
      rubyntlm (~> 0.1.1)
      savon (= 0.9.5)
      uuidtools (~> 2.1.2)
    yajl-ruby (1.1.0)

PLATFORMS
  ruby

DEPENDENCIES
  berkshelf (~> 2)
  chef (~> 10.18)
  foodcritic (~> 3.0)
  fpm (~> 0.3)
  knife-cookbook-cleanup
  knife-ec2
  knife-spork
  rubocop (~> 0.14)
